GIT
  remote: git://github.com/chriseppstein/compass.git
  revision: 22e2458b77519e8eb8463170c1a1fe4bab105f3e
  branch: rails31
  specs:
    compass (0.12.0.alpha.0.22e2458)
      chunky_png (~> 1.2)
      fssm (>= 0.2.7)
      sass (~> 3.1)

GIT
  remote: git://github.com/jweslley/web-app-theme.git
  revision: 803d64e59bdb1514bc7b30660d1ae70e9b520e2a
  specs:
    web-app-theme (0.7.0)

GEM
  remote: http://rubygems.org/
  specs:
    actionmailer (3.1.0.rc8)
      actionpack (= 3.1.0.rc8)
      mail (~> 2.3.0)
    actionpack (3.1.0.rc8)
      activemodel (= 3.1.0.rc8)
      activesupport (= 3.1.0.rc8)
      builder (~> 3.0.0)
      erubis (~> 2.7.0)
      i18n (~> 0.6)
      rack (~> 1.3.2)
      rack-cache (~> 1.0.3)
      rack-mount (~> 0.8.2)
      rack-test (~> 0.6.1)
      sprockets (~> 2.0.0.beta.15)
    activemodel (3.1.0.rc8)
      activesupport (= 3.1.0.rc8)
      bcrypt-ruby (~> 3.0.0)
      builder (~> 3.0.0)
      i18n (~> 0.6)
    activerecord (3.1.0.rc8)
      activemodel (= 3.1.0.rc8)
      activesupport (= 3.1.0.rc8)
      arel (~> 2.2.1)
      tzinfo (~> 0.3.29)
    activeresource (3.1.0.rc8)
      activemodel (= 3.1.0.rc8)
      activesupport (= 3.1.0.rc8)
    activesupport (3.1.0.rc8)
      multi_json (~> 1.0)
    archive-tar-minitar (0.5.2)
    arel (2.2.1)
    bcrypt-ruby (3.0.0)
    builder (3.0.0)
    cancan (1.6.5)
    capybara (1.0.1)
      mime-types (>= 1.16)
      nokogiri (>= 1.3.3)
      rack (>= 1.0.0)
      rack-test (>= 0.5.4)
      selenium-webdriver (~> 2.0)
      xpath (~> 0.1.4)
    childprocess (0.2.2)
      ffi (~> 1.0.6)
    chunky_png (1.2.1)
    coffee-rails (3.1.0.rc.7)
      coffee-script (>= 2.2.0)
      railties (~> 3.1.0.rc1)
    coffee-script (2.2.0)
      coffee-script-source
      execjs
    coffee-script-source (1.1.2)
    columnize (0.3.4)
    cucumber (1.0.2)
      builder (>= 2.1.2)
      diff-lcs (>= 1.1.2)
      gherkin (~> 2.4.5)
      json (>= 1.4.6)
      term-ansicolor (>= 1.0.5)
    cucumber-rails (1.0.2)
      capybara (>= 1.0.0)
      cucumber (~> 1.0.0)
      nokogiri (>= 1.4.6)
    database_cleaner (0.6.7)
    devise (1.4.4)
      bcrypt-ruby (~> 3.0)
      orm_adapter (~> 0.0.3)
      warden (~> 1.0.3)
    diff-lcs (1.1.3)
    erubis (2.7.0)
    execjs (1.2.4)
      multi_json (~> 1.0)
    ffi (1.0.9)
    fssm (0.2.7)
    gherkin (2.4.16)
      json (>= 1.4.6)
    haml (3.1.2)
    haml-rails (0.3.4)
      actionpack (~> 3.0)
      activesupport (~> 3.0)
      haml (~> 3.0)
      railties (~> 3.0)
    hike (1.2.1)
    hpricot (0.8.4)
    i18n (0.6.0)
    json (1.5.4)
    json_pure (1.5.4)
      spruz (~> 0.2.8)
    libv8 (3.3.10.2)
    linecache19 (0.5.12)
      ruby_core_source (>= 0.1.4)
    machinist (2.0.0.beta2)
    mail (2.3.0)
      i18n (>= 0.4.0)
      mime-types (~> 1.16)
      treetop (~> 1.4.8)
    mime-types (1.16)
    multi_json (1.0.3)
    mysql2 (0.3.7)
    nokogiri (1.5.0)
    orm_adapter (0.0.5)
    pickle (0.4.8)
      cucumber (>= 0.8)
      rake
    polyglot (0.3.2)
    rack (1.3.2)
    rack-cache (1.0.3)
      rack (>= 0.4)
    rack-mount (0.8.2)
      rack (>= 1.0.0)
    rack-ssl (1.3.2)
      rack
    rack-test (0.6.1)
      rack (>= 1.0)
    rails (3.1.0.rc8)
      actionmailer (= 3.1.0.rc8)
      actionpack (= 3.1.0.rc8)
      activerecord (= 3.1.0.rc8)
      activeresource (= 3.1.0.rc8)
      activesupport (= 3.1.0.rc8)
      bundler (~> 1.0)
      railties (= 3.1.0.rc8)
    railties (3.1.0.rc8)
      actionpack (= 3.1.0.rc8)
      activesupport (= 3.1.0.rc8)
      rack-ssl (~> 1.3.2)
      rake (>= 0.8.7)
      rdoc (~> 3.4)
      thor (~> 0.14.6)
    rake (0.9.2)
    rdoc (3.9.4)
    rspec (2.6.0)
      rspec-core (~> 2.6.0)
      rspec-expectations (~> 2.6.0)
      rspec-mocks (~> 2.6.0)
    rspec-core (2.6.4)
    rspec-expectations (2.6.0)
      diff-lcs (~> 1.1.2)
    rspec-mocks (2.6.0)
    rspec-rails (2.6.1)
      actionpack (~> 3.0)
      activesupport (~> 3.0)
      railties (~> 3.0)
      rspec (~> 2.6.0)
    ruby-debug-base19 (0.11.25)
      columnize (>= 0.3.1)
      linecache19 (>= 0.5.11)
      ruby_core_source (>= 0.1.4)
    ruby-debug19 (0.11.6)
      columnize (>= 0.3.1)
      linecache19 (>= 0.5.11)
      ruby-debug-base19 (>= 0.11.19)
    ruby_core_source (0.1.5)
      archive-tar-minitar (>= 0.5.2)
    ruby_parser (2.2.0)
      sexp_processor (~> 3.0)
    rubyzip (0.9.4)
    sass (3.1.7)
    sass-rails (3.1.0.rc.7)
      actionpack (~> 3.1.0.rc6)
      railties (~> 3.1.0.rc6)
      sass (>= 3.1.4)
    selenium-webdriver (2.5.0)
      childprocess (>= 0.2.1)
      ffi (>= 1.0.7)
      json_pure
      rubyzip
    sexp_processor (3.0.6)
    sprockets (2.0.0)
      hike (~> 1.2)
      rack (~> 1.0)
      tilt (~> 1.1, != 1.3.0)
    spruz (0.2.13)
    term-ansicolor (1.0.6)
    therubyracer (0.9.4)
      libv8 (~> 3.3.10)
    thor (0.14.6)
    tilt (1.3.3)
    treetop (1.4.10)
      polyglot
      polyglot (>= 0.3.1)
    tzinfo (0.3.29)
    uglifier (1.0.2)
      execjs (>= 0.3.0)
      multi_json (>= 1.0.2)
    warden (1.0.5)
      rack (>= 1.0)
    xpath (0.1.4)
      nokogiri (~> 1.3)

PLATFORMS
  ruby

DEPENDENCIES
  cancan
  capybara (~> 1.0.0)
  coffee-rails (~> 3.1.0.rc)
  compass!
  cucumber
  cucumber-rails
  database_cleaner (~> 0.6.7)
  devise
  haml-rails
  hpricot
  machinist (>= 2.0.0.beta2)
  mysql2
  pickle (~> 0.4.7)
  rails (= 3.1.0.rc8)
  rspec-rails
  ruby-debug19
  ruby_parser
  sass-rails (~> 3.1.0.rc)
  therubyracer
  uglifier
  web-app-theme!
